PATH
  remote: .
  specs:
    sflow (0.0.1)

GEM
  remote: https://rubygems.org/
  specs:
    bindata (1.8.1)
    eventmachine (1.0.3)
    json (1.8.1)
    minitest (5.3.4)
    rake (10.2.0)

PLATFORMS
  ruby

DEPENDENCIES
  bindata
  bundler (~> 1.5)
  eventmachine
  json
  minitest
  rake
  sflow!

BUNDLED WITH
   1.11.2
